PATH
  remote: .
  specs:
    hash-that-tree (0.0.1)

GEM
  remote: https://rubygems.org/
  specs:

PLATFORMS
  x86-mingw32

DEPENDENCIES
  hash-that-tree!
