PATH
  remote: .
  specs:
    hash-that-tree (0.0.9)
      thor

GEM
  remote: https://rubygems.org/
  specs:
    thor (0.16.0)

PLATFORMS
  ruby
  x86-mingw32

DEPENDENCIES
  hash-that-tree!
